GEM
  remote: https://rubygems.org/
  specs:
    newrelic_rpm (3.10.0.279)

PLATFORMS
  ruby

DEPENDENCIES
  newrelic_rpm
